GIT
  remote: git://github.com/bryanlarsen/hobo-jquery.git
  revision: 3578efd55304328249a7df2a8167bc731dc0e608
  branch: rails3
  specs:
    hobo-jquery (1.3.0pre1)

GEM
  remote: http://rubygems.org/
  specs:
    abstract (1.0.0)
    actionmailer (3.0.15)
      actionpack (= 3.0.15)
      mail (~> 2.2.19)
    actionpack (3.0.15)
      activemodel (= 3.0.15)
      activesupport (= 3.0.15)
      builder (~> 2.1.2)
      erubis (~> 2.6.6)
      i18n (~> 0.5.0)
      rack (~> 1.2.5)
      rack-mount (~> 0.6.14)
      rack-test (~> 0.5.7)
      tzinfo (~> 0.3.23)
    activemodel (3.0.15)
      activesupport (= 3.0.15)
      builder (~> 2.1.2)
      i18n (~> 0.5.0)
    activerecord (3.0.15)
      activemodel (= 3.0.15)
      activesupport (= 3.0.15)
      arel (~> 2.0.10)
      tzinfo (~> 0.3.23)
    activeresource (3.0.15)
      activemodel (= 3.0.15)
      activesupport (= 3.0.15)
    activesupport (3.0.15)
    arel (2.0.10)
    builder (2.1.2)
    dryml (1.3.0)
      actionpack (~> 3.0.0)
      hobo_support (= 1.3.0)
    erubis (2.6.6)
      abstract (>= 1.0.0)
    hobo (1.3.0)
      dryml (= 1.3.0)
      hobo_fields (= 1.3.0)
      hobo_support (= 1.3.0)
      will_paginate (>= 3.0.0)
    hobo_fields (1.3.0)
      hobo_support (= 1.3.0)
    hobo_support (1.3.0)
      rails (~> 3.0.0)
    i18n (0.5.0)
    json (1.7.3)
    mail (2.2.19)
      activesupport (>= 2.3.6)
      i18n (>= 0.4.0)
      mime-types (~> 1.16)
      treetop (~> 1.4.8)
    mime-types (1.19)
    polyglot (0.3.3)
    rack (1.2.5)
    rack-mount (0.6.14)
      rack (>= 1.0.0)
    rack-test (0.5.7)
      rack (>= 1.0)
    rails (3.0.15)
      actionmailer (= 3.0.15)
      actionpack (= 3.0.15)
      activerecord (= 3.0.15)
      activeresource (= 3.0.15)
      activesupport (= 3.0.15)
      bundler (~> 1.0)
      railties (= 3.0.15)
    railties (3.0.15)
      actionpack (= 3.0.15)
      activesupport (= 3.0.15)
      rake (>= 0.8.7)
      rdoc (~> 3.4)
      thor (~> 0.14.4)
    rake (0.9.2.2)
    rdoc (3.12)
      json (~> 1.4)
    sqlite3 (1.3.6)
    thor (0.14.6)
    treetop (1.4.10)
      polyglot
      polyglot (>= 0.3.1)
    tzinfo (0.3.33)
    will_paginate (3.0.3)

PLATFORMS
  ruby

DEPENDENCIES
  hobo (= 1.3.0)
  hobo-jquery!
  rails (= 3.0.15)
  sqlite3
